{
	"TaskName": "p300",
	"Manufacturer": "Brain Products",
	"PowerLineFrequency": 50.0,
	"SamplingFrequency": 1000.0,
	"SoftwareFilters": "n/a",
	"RecordingDuration": 45.999,
	"RecordingType": "continuous",
	"EEGReference": "nose",
	"EEGGround": "n/a",
	"EEGPlacementScheme": "10-20 system",
	"EEGChannelCount": 31,
	"EOGChannelCount": 0,
	"ECGChannelCount": 0,
	"EMGChannelCount": 0,
	"TriggerChannelCount": 0,
	"ManufacturersModelName": "BrainProducts BrainAmp DC",
	"SoftwareVersions": "n/a",
	"HardwareFilters": "n/a",
	"TaskDescription": "Subjects focused attention on target tones (1000 Hz) and ignored non-target tones (500 Hz) presented via speaker at 65 cm distance. One trial consisted of 15 target and 75 non-target stimuli in pseudo-random order with at least two non-target tones between target tones. The experiment was split into optimization and validation parts.",
	"Instructions": "Focus on the target tones (1000 Hz) and ignore the non-target tones (500 Hz). Refrain from blinking and movement as much as possible.",
	"CogAtlasID": "https://www.cognitiveatlas.org/task/id/tsk_GxjZBNiJorj1K/",
	"InstitutionName": "University of Freiburg",
	"InstitutionAddress": "DE",
	"InstitutionalDepartmentName": "n/a",
	"CapManufacturer": "n/a",
	"CapManufacturersModelName": "n/a",
	"SubjectArtefactDescription": "n/a",
	"DeviceSerialNumber": "n/a",
	"Description": "Auditory oddball ERP dataset from 13 healthy subjects. Two sinusoidal tones (target 1000 Hz, non-target 500 Hz) presented at various stimulus onset asynchronies (SOAs, 60-600 ms). 31-channel EEG recorded at 1000 Hz with BrainProducts BrainAmp DC. Raw BrainVision format data.",
	"MISCChannelCount": 6
}